PATH
  remote: .
  specs:
    huml (0.0.2)
      temple
      treetop

GEM
  remote: https://rubygems.org/
  specs:
    diff-lcs (1.2.5)
    polyglot (0.3.5)
    rake (10.2.2)
    rspec (3.0.0)
      rspec-core (~> 3.0.0)
      rspec-expectations (~> 3.0.0)
      rspec-mocks (~> 3.0.0)
    rspec-core (3.0.0)
      rspec-support (~> 3.0.0)
    rspec-expectations (3.0.0)
      diff-lcs (>= 1.2.0, < 2.0)
      rspec-support (~> 3.0.0)
    rspec-mocks (3.0.1)
      rspec-support (~> 3.0.0)
    rspec-support (3.0.0)
    temple (0.6.8)
    treetop (1.5.3)
      polyglot (~> 0.3)

PLATFORMS
  ruby

DEPENDENCIES
  huml!
  rake
  rspec
